PATH
  remote: .
  specs:
    mysql2psql (0.2.0)
      mysql2 (= 0.4.5)
      pg (~> 0.17.0)

GEM
  remote: http://rubygems.org/
  specs:
    json (1.8.6)
    mysql2 (0.4.5)
    pg (0.17.1)
    power_assert (1.0.1)
    rake (12.0.0)
    rdoc (3.12.2)
      json (~> 1.4)
    test-unit (3.2.3)
      power_assert

PLATFORMS
  ruby

DEPENDENCIES
  bundler (> 1.0.21)
  mysql2psql!
  rake (> 0.9.2.2)
  rdoc (~> 3.12)
  test-unit (>= 2.1.1)

BUNDLED WITH
   1.13.3
